GEM
  remote: https://rubygems.org/
  specs:
    net-sftp (2.1.2)
      net-ssh (>= 2.6.5)
    net-ssh (3.2.0)
    rubyzip (1.2.0)

PLATFORMS
  ruby

DEPENDENCIES
  net-sftp (= 2.1.2)
  rubyzip (= 1.2.0)

BUNDLED WITH
   1.13.0
