GEM
  remote: https://rubygems.org/
  specs:
    minitest (5.9.0)
    net-sftp (2.1.2)
      net-ssh (>= 2.6.5)
    net-ssh (3.2.0)
    pg (0.19.0)
    rubyzip (1.2.0)

PLATFORMS
  ruby

DEPENDENCIES
  minitest
  net-sftp (= 2.1.2)
  pg (= 0.19.0)
  rubyzip (= 1.2.0)

BUNDLED WITH
   1.13.0
